GEM
  remote: https://rubygems.org/
  specs:
    chunky_png (1.2.9)
    commonjs (0.2.7)
    compass (0.12.2)
      chunky_png (~> 1.2)
      fssm (>= 0.2.7)
      sass (~> 3.1)
    fssm (0.2.10)
    less (2.4.0)
      commonjs (~> 0.2.7)
    libv8 (3.16.14.3)
    ref (1.0.5)
    sass (3.2.12)
    therubyracer (0.12.0)
      libv8 (~> 3.16.14.0)
      ref

PLATFORMS
  ruby

DEPENDENCIES
  compass
  less
  libv8 (= 3.16.14.3)
  therubyracer
